GEM
  remote: https://rubygems.org/
  specs:
    logger (1.4.2)

PLATFORMS
  ruby

DEPENDENCIES
  logger

BUNDLED WITH
   2.1.4
